GEM
  remote: https://rubygems.org/
  specs:
    kramdown (2.3.1)
      rexml
    mysql (2.9.1)
    rake (10.3.1)
    rake-compiler (0.9.2)
      rake
    rexml (3.2.5)
    rmagick (2.13.2)
    yard (0.8.7.4)

PLATFORMS
  ruby

DEPENDENCIES
  kramdown
  mysql
  rake
  rake-compiler
  rmagick
  yard
