GEM
  remote: https://rubygems.org/
  specs:
    kramdown (1.4.1)
    mysql (2.9.1)
    rake (12.3.3)
    rake-compiler (0.9.2)
      rake
    rmagick (2.13.2)
    yard (0.8.7.4)

PLATFORMS
  ruby

DEPENDENCIES
  kramdown
  mysql
  rake
  rake-compiler
  rmagick
  yard
